GEM
  remote: https://rubygems.org/
  specs:
    ghi (1.2.0)
      pygments.rb
    multi_json (1.12.1)
    pygments.rb (1.1.2)
      multi_json (>= 1.0.0)

PLATFORMS
  ruby

DEPENDENCIES
  ghi

BUNDLED WITH
   1.14.6
